PATH
  remote: .
  specs:
    vagrant-lxc (0.0.1)

PATH
  remote: ./vagrant
  specs:
    vagrant (1.1.0.dev)
      childprocess (~> 0.3.7)
      erubis (~> 2.7.0)
      i18n (~> 0.6.0)
      json (~> 1.6.6)
      log4r (~> 1.1.9)
      net-scp (~> 1.0.4)
      net-ssh (~> 2.2.2)

GEM
  remote: https://rubygems.org/
  specs:
    childprocess (0.3.8)
      ffi (~> 1.0, >= 1.0.11)
    coderay (1.0.9)
    diff-lcs (1.2.1)
    erubis (2.7.0)
    ffi (1.4.0)
    guard (1.6.2)
      listen (>= 0.6.0)
      lumberjack (>= 1.0.2)
      pry (>= 0.9.10)
      terminal-table (>= 1.4.3)
      thor (>= 0.14.6)
    guard-bundler (1.0.0)
      bundler (~> 1.0)
      guard (~> 1.1)
    guard-ctags-bundler (0.1.6)
      guard (>= 1.1)
    guard-rspec (2.4.1)
      guard (>= 1.1)
      rspec (~> 2.11)
    i18n (0.6.2)
    json (1.6.8)
    listen (0.7.3)
    log4r (1.1.10)
    lumberjack (1.0.2)
    method_source (0.8.1)
    multi_json (1.6.1)
    net-scp (1.0.4)
      net-ssh (>= 1.99.1)
    net-ssh (2.2.2)
    pry (0.9.12)
      coderay (~> 1.0.5)
      method_source (~> 0.8)
      slop (~> 3.4)
    rake (10.0.3)
    rb-inotify (0.9.0)
      ffi (>= 0.5.0)
    rspec (2.13.0)
      rspec-core (~> 2.13.0)
      rspec-expectations (~> 2.13.0)
      rspec-mocks (~> 2.13.0)
    rspec-core (2.13.0)
    rspec-expectations (2.13.0)
      diff-lcs (>= 1.1.3, < 2.0)
    rspec-fire (1.1.3)
      rspec (~> 2.11)
    rspec-mocks (2.13.0)
    rspec-spies (2.1.3)
      rspec (~> 2.0)
    simplecov (0.7.1)
      multi_json (~> 1.0)
      simplecov-html (~> 0.7.1)
    simplecov-html (0.7.1)
    slop (3.4.3)
    terminal-table (1.4.5)
    thor (0.17.0)

PLATFORMS
  ruby

DEPENDENCIES
  guard
  guard-bundler
  guard-ctags-bundler
  guard-rspec
  log4r
  net-ssh
  rake
  rb-inotify
  rspec
  rspec-fire
  rspec-spies
  simplecov
  vagrant!
  vagrant-lxc!
