PATH
  remote: ../
  specs:
    vagrant-lxc (0.0.1)

PATH
  remote: ../vagrant
  specs:
    vagrant (1.1.0.dev)
      childprocess (~> 0.3.7)
      erubis (~> 2.7.0)
      i18n (~> 0.6.0)
      json (~> 1.6.6)
      log4r (~> 1.1.9)
      net-scp (~> 1.0.4)
      net-ssh (~> 2.2.2)

GEM
  remote: https://rubygems.org/
  specs:
    childprocess (0.3.8)
      ffi (~> 1.0, >= 1.0.11)
    erubis (2.7.0)
    ffi (1.4.0)
    i18n (0.6.2)
    json (1.6.8)
    log4r (1.1.10)
    net-scp (1.0.4)
      net-ssh (>= 1.99.1)
    net-ssh (2.2.2)

PLATFORMS
  ruby

DEPENDENCIES
  vagrant!
  vagrant-lxc!
